PATH
  remote: ../create_gem_tutor
  specs:
    create_gem_tutor (0.1.0)
      erubi (~> 1.10)
      multi_json (~> 1.15)
      rack (~> 2.2)

GEM
  remote: https://rubygems.org/
  specs:
    erubi (1.10.0)
    ffi (1.15.3)
    listen (3.6.0)
      rb-fsevent (~> 0.10, >= 0.10.3)
      rb-inotify (~> 0.9, >= 0.9.10)
    multi_json (1.15.0)
    rack (2.2.3)
    rb-fsevent (0.11.0)
    rb-inotify (0.10.1)
      ffi (~> 1.0)
    rerun (0.13.1)
      listen (~> 3.0)
    webrick (1.7.0)

PLATFORMS
  x86_64-darwin-19

DEPENDENCIES
  create_gem_tutor!
  rerun
  webrick

BUNDLED WITH
   2.2.23
